GIT
  remote: git://github.com/stripe/stripe-ruby.git
  revision: 8ce205c7e2ca8a52d598ca4523d1dda828e48f1b
  specs:
    stripe (1.23.0)
      json (~> 1.8.1)
      rest-client (~> 1.4)

GEM
  remote: https://rubygems.org/
  specs:
    activemodel (4.2.3)
      activesupport (= 4.2.3)
      builder (~> 3.1)
    activerecord (4.2.3)
      activemodel (= 4.2.3)
      activesupport (= 4.2.3)
      arel (~> 6.0)
    activesupport (4.2.3)
      i18n (~> 0.7)
      json (~> 1.7, >= 1.7.7)
      minitest (~> 5.1)
      thread_safe (~> 0.3, >= 0.3.4)
      tzinfo (~> 1.1)
    addressable (2.3.8)
    amq-protocol (1.9.2)
    arel (6.0.2)
    bson (3.2.1)
    builder (3.2.2)
    bunny (2.0.0)
      amq-protocol (>= 1.9.2)
    connection_pool (2.2.0)
    cookiejar (0.3.2)
    curb (0.8.8)
    dalli (2.7.4)
    domain_name (0.5.24)
      unf (>= 0.0.5, < 1.0.0)
    elasticsearch (1.0.12)
      elasticsearch-api (= 1.0.12)
      elasticsearch-transport (= 1.0.12)
    elasticsearch-api (1.0.12)
      multi_json
    elasticsearch-transport (1.0.12)
      faraday
      multi_json
    em-http-request (1.1.2)
      addressable (>= 2.3.4)
      cookiejar
      em-socksify (>= 0.3)
      eventmachine (>= 1.0.3)
      http_parser.rb (>= 0.6.0)
    em-socksify (0.3.0)
      eventmachine (>= 1.0.0.beta.4)
    ethon (0.7.4)
      ffi (>= 1.3.0)
    eventmachine (1.0.7)
    faraday (0.9.1)
      multipart-post (>= 1.2, < 3)
    ffi (1.9.10)
    firebase (0.2.4)
      httpclient
      json
    geocoder (1.2.9)
    hashie (3.4.2)
    hipchat (1.5.2)
      httparty
      mimemagic
    http (0.9.0)
      addressable (~> 2.3)
      http-cookie (~> 1.0)
      http-form_data (~> 1.0.1)
      http_parser.rb (~> 0.6.0)
    http-cookie (1.0.2)
      domain_name (~> 0.5)
    http-form_data (1.0.1)
    http_parser.rb (0.6.0)
    httparty (0.13.5)
      json (~> 1.8)
      multi_xml (>= 0.5.2)
    httpclient (2.6.0.1)
    httpi (2.4.1)
      rack
    i18n (0.7.0)
    json (1.8.3)
    jwt (1.5.1)
    koala (2.0.0)
      addressable
      faraday
      multi_json
    mime-types (2.6.1)
    mimemagic (0.3.0)
    minitest (5.7.0)
    mongo (2.0.6)
      bson (~> 3.0)
    mongoid (4.0.2)
      activemodel (~> 4.0)
      moped (~> 2.0.0)
      origin (~> 2.1)
      tzinfo (>= 0.3.37)
    moped (2.0.6)
      bson (~> 3.0)
      connection_pool (~> 2.0)
      optionable (~> 0.2.0)
    multi_json (1.11.2)
    multi_xml (0.5.5)
    multipart-post (2.0.0)
    mysql2 (0.3.19)
    netrc (0.10.3)
    optionable (0.2.0)
    origin (2.1.1)
    patron (0.4.20)
    pg (0.18.2)
    rack (1.6.4)
    rake (10.4.2)
    redis (3.2.1)
    rest-client (1.8.0)
      http-cookie (>= 1.0.2, < 2.0)
      mime-types (>= 1.16, < 3.0)
      netrc (~> 0.7)
    searchkick (0.9.0)
      activemodel
      elasticsearch (>= 1)
      hashie
    sequel (4.24.0)
    thread_safe (0.3.5)
    twilio-ruby (4.2.1)
      builder (>= 2.1.2)
      jwt (~> 1.0)
      multi_json (>= 1.3.0)
    typhoeus (0.7.2)
      ethon (>= 0.7.4)
    tzinfo (1.2.2)
      thread_safe (~> 0.1)
    unf (0.1.4)
      unf_ext
    unf_ext (0.0.7.1)

PLATFORMS
  ruby

DEPENDENCIES
  activerecord
  bunny
  connection_pool
  curb
  dalli
  elasticsearch
  em-http-request
  faraday
  firebase
  geocoder
  hipchat
  http
  httparty
  httpclient
  httpi
  koala
  minitest
  mongo
  mongoid
  mysql2
  patron
  pg
  rake
  redis
  rest-client
  searchkick
  sequel
  stripe!
  twilio-ruby
  typhoeus
