GIT
  remote: https://github.com/mikel/mail.git
  revision: bf418912133d0aee5fdd9a5140fe5fb44cf4091f
  specs:
    mail (2.7.0.rc1)
      mini_mime (>= 0.1.1)

GIT
  remote: https://github.com/sferik/twitter.git
  revision: bc911e9106012aa0ef4d8b0b92ef05b880ed6da9
  specs:
    twitter (5.15.0)
      addressable (~> 2.3)
      buftok (~> 0.2.0)
      equalizer (~> 0.0.11)
      http (~> 2.0)
      http-form_data (~> 1.0)
      http_parser.rb (~> 0.6.0)
      memoizable (~> 0.4.0)
      multipart-post (~> 2.0)
      naught (~> 1.0)
      simple_oauth (~> 0.3.0)

GEM
  remote: https://rubygems.org/
  specs:
    actionmailer (5.1.1)
      actionpack (= 5.1.1)
      actionview (= 5.1.1)
      activejob (= 5.1.1)
      mail (~> 2.5, >= 2.5.4)
      rails-dom-testing (~> 2.0)
    actionpack (5.1.1)
      actionview (= 5.1.1)
      activesupport (= 5.1.1)
      rack (~> 2.0)
      rack-test (~> 0.6.3)
      rails-dom-testing (~> 2.0)
      rails-html-sanitizer (~> 1.0, >= 1.0.2)
    actionview (5.1.1)
      activesupport (= 5.1.1)
      builder (~> 3.1)
      erubi (~> 1.4)
      rails-dom-testing (~> 2.0)
      rails-html-sanitizer (~> 1.0, >= 1.0.3)
    activejob (5.1.1)
      activesupport (= 5.1.1)
      globalid (>= 0.3.6)
    activemodel (5.1.1)
      activesupport (= 5.1.1)
    activerecord (5.1.1)
      activemodel (= 5.1.1)
      activesupport (= 5.1.1)
      arel (~> 8.0)
    activesupport (5.1.1)
      concurrent-ruby (~> 1.0, >= 1.0.2)
      i18n (~> 0.7)
      minitest (~> 5.1)
      tzinfo (~> 1.1)
    addressable (2.5.1)
      public_suffix (~> 2.0, >= 2.0.2)
    amq-protocol (2.2.0)
    arel (8.0.0)
    aws-sdk (2.9.18)
      aws-sdk-resources (= 2.9.18)
    aws-sdk-core (2.9.18)
      aws-sigv4 (~> 1.0)
      jmespath (~> 1.0)
    aws-sdk-resources (2.9.18)
      aws-sdk-core (= 2.9.18)
    aws-sigv4 (1.0.0)
    bitly (1.1.0)
      httparty (>= 0.7.6)
      multi_json (~> 1.3)
      oauth2 (>= 0.5.0, < 2.0)
    bson (4.2.1)
    buftok (0.2.0)
    builder (3.2.3)
    bunny (2.7.0)
      amq-protocol (>= 2.2.0)
    concurrent-ruby (1.0.5)
    connection_pool (2.2.1)
    cookiejar (0.3.3)
    curb (0.8.8)
    dalli (2.7.6)
    domain_name (0.5.20170404)
      unf (>= 0.0.5, < 1.0.0)
    elasticsearch (5.0.4)
      elasticsearch-api (= 5.0.4)
      elasticsearch-transport (= 5.0.4)
    elasticsearch-api (5.0.4)
      multi_json
    elasticsearch-transport (5.0.4)
      faraday
      multi_json
    em-http-request (1.1.5)
      addressable (>= 2.3.4)
      cookiejar (!= 0.3.1)
      em-socksify (>= 0.3)
      eventmachine (>= 1.0.3)
      http_parser.rb (>= 0.6.0)
    em-socksify (0.3.1)
      eventmachine (>= 1.0.0.beta.4)
    equalizer (0.0.11)
    erubi (1.6.0)
    ethon (0.10.1)
      ffi (>= 1.3.0)
    eventmachine (1.2.3)
    excon (0.55.0)
    faraday (0.11.0)
      multipart-post (>= 1.2, < 3)
    ffi (1.9.18)
    firebase (0.2.6)
      httpclient
      json
    geocoder (1.4.3)
    gibbon (3.0.2)
      faraday (>= 0.9.1)
      multi_json (>= 1.11.0)
    globalid (0.4.0)
      activesupport (>= 4.2.0)
    hashie (3.5.5)
    hipchat (1.5.4)
      httparty
      mimemagic
    http (2.2.2)
      addressable (~> 2.3)
      http-cookie (~> 1.0)
      http-form_data (~> 1.0.1)
      http_parser.rb (~> 0.6.0)
    http-cookie (1.0.3)
      domain_name (~> 0.5)
    http-form_data (1.0.2)
    http_parser.rb (0.6.0)
    httparty (0.15.2)
      multi_xml (>= 0.5.2)
    httpclient (2.8.3)
    httpi (2.4.2)
      rack
      socksify
    i18n (0.8.1)
    jmespath (1.3.1)
    json (2.1.0)
    jwt (1.5.6)
    koala (3.0.0)
      addressable
      faraday
      json (>= 1.8)
    loofah (2.0.3)
      nokogiri (>= 1.5.9)
    mechanize (2.7.5)
      domain_name (~> 0.5, >= 0.5.1)
      http-cookie (~> 1.0)
      mime-types (>= 1.17.2)
      net-http-digest_auth (~> 1.1, >= 1.1.1)
      net-http-persistent (~> 2.5, >= 2.5.2)
      nokogiri (~> 1.6)
      ntlm-http (~> 0.1, >= 0.1.1)
      webrobots (>= 0.0.9, < 0.2)
    memoizable (0.4.2)
      thread_safe (~> 0.3, >= 0.3.1)
    mime-types (3.1)
      mime-types-data (~> 3.2015)
    mime-types-data (3.2016.0521)
    mimemagic (0.3.2)
    mini_mime (0.1.3)
    mini_portile2 (2.1.0)
    minitest (5.10.2)
    mongo (2.4.1)
      bson (>= 4.2.1, < 5.0.0)
    mongoid (6.1.0)
      activemodel (~> 5.0)
      mongo (>= 2.4.1, < 3.0.0)
    multi_json (1.12.1)
    multi_xml (0.6.0)
    multipart-post (2.0.0)
    mysql2 (0.4.6)
    naught (1.1.0)
    net-dns (0.8.0)
    net-http-digest_auth (1.4.1)
    net-http-persistent (2.9.4)
    net-ssh (4.1.0)
    netrc (0.11.0)
    nokogiri (1.7.2)
      mini_portile2 (~> 2.1.0)
    ntlm-http (0.1.1)
    oauth2 (1.3.1)
      faraday (>= 0.8, < 0.12)
      jwt (~> 1.0)
      multi_json (~> 1.3)
      multi_xml (~> 0.5)
      rack (>= 1.2, < 3)
    patron (0.8.0)
    pg (0.20.0)
    public_suffix (2.0.5)
    rack (2.0.3)
    rack-test (0.6.3)
      rack (>= 1.0)
    rails-dom-testing (2.0.3)
      activesupport (>= 4.2.0)
      nokogiri (>= 1.6)
    rails-html-sanitizer (1.0.3)
      loofah (~> 2.0)
    rake (12.0.0)
    redis (3.3.3)
    rest-client (2.0.2)
      http-cookie (>= 1.0.2, < 2.0)
      mime-types (>= 1.16, < 4.0)
      netrc (~> 0.8)
    rsolr (2.0.2)
      builder (>= 2.1.2)
      faraday
    ruby-kafka (0.3.17)
    searchkick (2.3.0)
      activemodel (>= 4.1)
      elasticsearch (>= 1)
      hashie
    sequel (4.46.0)
    simple_oauth (0.3.1)
    slack-notifier (2.1.0)
    socksify (1.7.1)
    stripe (2.8.0)
      faraday (~> 0.9)
    thread_safe (0.3.6)
    twilio-ruby (4.13.0)
      builder (>= 2.1.2)
      jwt (~> 1.0)
      multi_json (>= 1.3.0)
    typhoeus (1.1.2)
      ethon (>= 0.9.0)
    tzinfo (1.2.3)
      thread_safe (~> 0.1)
    unf (0.1.4)
      unf_ext
    unf_ext (0.0.7.4)
    webrobots (0.1.2)

PLATFORMS
  ruby

DEPENDENCIES
  actionmailer
  activerecord
  aws-sdk (>= 2)
  bitly
  bunny
  connection_pool
  curb (~> 0.8.8)
  dalli
  elasticsearch
  em-http-request
  excon
  faraday
  firebase
  geocoder
  gibbon
  hipchat
  http
  httparty
  httpclient
  httpi
  koala
  mail!
  mechanize
  minitest
  mongo
  mongoid
  mysql2
  net-dns
  net-ssh
  patron
  pg
  rake
  redis
  rest-client
  rsolr
  ruby-kafka
  searchkick
  sequel
  slack-notifier
  stripe (>= 1.24.0)
  twilio-ruby
  twitter!
  typhoeus

BUNDLED WITH
   1.14.6
